GEM
  remote: http://rubygems.org/
  specs:
    createsend (3.3.0)
      hashie (>= 1.2, < 3)
      httparty (~> 0.10)
      json
    em-resolv-replace (1.1.3)
    eventmachine (1.0.3)
    eventmachine-tail (0.6.4)
      eventmachine
    file-tail (1.0.12)
      tins (~> 0.5)
    hashie (2.0.5)
    httparty (0.11.0)
      multi_json (~> 1.0)
      multi_xml (>= 0.5.2)
    json (1.8.0)
    multi_json (1.7.7)
    multi_xml (0.5.4)
    rake (10.0.3)
    remote_syslog (1.6.14)
      em-resolv-replace
      eventmachine (>= 0.12.10, < 1.1)
      eventmachine-tail (>= 0.6.4)
      file-tail
      servolux
      syslog_protocol (~> 0.9.2)
    servolux (0.10.0)
    syslog_protocol (0.9.2)
    tins (0.12.0)

PLATFORMS
  ruby

DEPENDENCIES
  createsend
  rake
  remote_syslog
