GEM
  remote: http://rubygems.org/
  specs:
    createsend (3.3.0)
      hashie (>= 1.2, < 3)
      httparty (~> 0.10)
      json
    hashie (2.0.5)
    httparty (0.11.0)
      multi_json (~> 1.0)
      multi_xml (>= 0.5.2)
    json (1.8.0)
    multi_json (1.7.7)
    multi_xml (0.5.4)
    rake (10.0.3)

PLATFORMS
  ruby

DEPENDENCIES
  createsend
  rake
